GEM
  remote: http://rubygems.org/
  specs:
    coffee-script (2.3.0)
      coffee-script-source
      execjs
    coffee-script-source (1.9.1)
    execjs (2.4.0)
    rack (1.6.0)
    rack-coffee (1.0.3)
      coffee-script
      rack
    rack-protection (1.5.3)
      rack
    sass (3.4.13)
    sinatra (1.4.5)
      rack (~> 1.4)
      rack-protection (~> 1.4)
      tilt (~> 1.3, >= 1.3.4)
    tilt (1.4.1)

PLATFORMS
  ruby

DEPENDENCIES
  rack-coffee
  sass
  sinatra
